GIT
  remote: https://github.com/kubenstein/middleman-simple-thumbnailer
  revision: 0bbf304e08bf053a57ab0de18f3430cb90f407dd
  specs:
    middleman-simple-thumbnailer (1.3.1)
      middleman-core (~> 4)
      mini_magick (~> 4)

GIT
  remote: https://github.com/matsu911/middleman-sitemap
  revision: b52c2256d4188761122804cbb79ceb6cd1afdf6b
  specs:
    middleman-sitemap (0.0.13)
      middleman-core (>= 3.2.2)

GEM
  remote: https://rubygems.org/
  specs:
    activesupport (5.0.7.2)
      concurrent-ruby (~> 1.0, >= 1.0.2)
      i18n (>= 0.7, < 2)
      minitest (~> 5.1)
      tzinfo (~> 1.1)
    addressable (2.7.0)
      public_suffix (>= 2.0.2, < 5.0)
    autoprefixer-rails (9.7.3)
      execjs
    backports (3.15.0)
    bootstrap-navbar (3.0.5)
      gem_config (~> 0.3)
    bootstrap-sass (3.4.1)
      autoprefixer-rails (>= 5.2.1)
      sassc (>= 2.0.0)
    coffee-script (2.4.1)
      coffee-script-source
      execjs
    coffee-script-source (1.12.2)
    concurrent-ruby (1.1.5)
    contracts (0.13.0)
    docile (1.3.2)
    dotenv (2.7.5)
    em-websocket (0.5.1)
      eventmachine (>= 0.12.9)
      http_parser.rb (~> 0.6.0)
    erubis (2.7.0)
    eventmachine (1.2.7)
    execjs (2.7.0)
    fast_blank (1.0.0)
    fastimage (2.1.7)
    favicon_maker (1.3.1)
      docile (~> 1.1)
    ffi (1.11.3)
    gem_config (0.3.2)
    haml (5.1.2)
      temple (>= 0.8.0)
      tilt
    hamster (3.0.0)
      concurrent-ruby (~> 1.0)
    hashie (3.6.0)
    htmlbeautifier (1.3.1)
    htmlcompressor (0.2.0)
    http_parser.rb (0.6.0)
    i18n (0.9.5)
      concurrent-ruby (~> 1.0)
    jquery-middleman (3.1.2)
      thor (>= 0.14, < 2.0)
    kramdown (1.17.0)
    listen (3.0.8)
      rb-fsevent (~> 0.9, >= 0.9.4)
      rb-inotify (~> 0.9, >= 0.9.7)
    memoist (0.16.2)
    middleman (4.3.5)
      coffee-script (~> 2.2)
      haml (>= 4.0.5)
      kramdown (~> 1.2)
      middleman-cli (= 4.3.5)
      middleman-core (= 4.3.5)
    middleman-bootstrap-navbar (4.0.0)
      bootstrap-navbar (~> 3.0)
      middleman (>= 3.1)
    middleman-cli (4.3.5)
      thor (>= 0.17.0, < 2.0)
    middleman-core (4.3.5)
      activesupport (>= 4.2, < 5.1)
      addressable (~> 2.3)
      backports (~> 3.6)
      bundler
      contracts (~> 0.13.0)
      dotenv
      erubis
      execjs (~> 2.0)
      fast_blank
      fastimage (~> 2.0)
      hamster (~> 3.0)
      hashie (~> 3.4)
      i18n (~> 0.9.0)
      listen (~> 3.0.0)
      memoist (~> 0.14)
      padrino-helpers (~> 0.13.0)
      parallel
      rack (>= 1.4.5, < 3)
      sassc (~> 2.0)
      servolux
      tilt (~> 2.0.9)
      uglifier (~> 3.0)
    middleman-deploy (2.0.0.pre.alpha)
      middleman-core (>= 3.2)
      net-sftp
      ptools
    middleman-favicon-maker (4.1.0)
      favicon_maker (~> 1.3, >= 1.3.1)
      middleman-core (~> 4.0)
    middleman-google-analytics (3.0.0)
      activesupport (>= 4.1, < 5.1)
      erubis
      middleman-core (>= 3.4)
      uglifier (>= 2.5, < 4.0)
    middleman-livereload (3.4.6)
      em-websocket (~> 0.5.1)
      middleman-core (>= 3.3)
      rack-livereload (~> 0.3.15)
    middleman-meta-tags (0.4.0)
      middleman-core (>= 3.0.0)
    middleman-minify-html (3.4.1)
      htmlcompressor (~> 0.2.0)
      middleman-core (>= 3.2)
    middleman-pdfkit (0.2.0)
      middleman-core (>= 4)
      pdfkit (~> 0.8)
      wkhtmltopdf_binary_provider
    middleman-sprockets (4.1.1)
      middleman-core (~> 4.0)
      sprockets (>= 3.0)
    mime-types (3.3)
      mime-types-data (~> 3.2015)
    mime-types-data (3.2019.1009)
    mini_magick (4.9.5)
    minitest (5.13.0)
    net-sftp (2.1.2)
      net-ssh (>= 2.6.5)
    net-ssh (5.2.0)
    padrino-helpers (0.13.3.4)
      i18n (~> 0.6, >= 0.6.7)
      padrino-support (= 0.13.3.4)
      tilt (>= 1.4.1, < 3)
    padrino-support (0.13.3.4)
      activesupport (>= 3.1)
    parallel (1.19.1)
    pdfkit (0.8.4.1)
    ptools (1.3.5)
    public_suffix (4.0.1)
    rack (2.0.7)
    rack-livereload (0.3.17)
      rack
    rb-fsevent (0.10.3)
    rb-inotify (0.10.0)
      ffi (~> 1.0)
    sassc (2.2.1)
      ffi (~> 1.9)
    servolux (0.13.0)
    slim (4.0.1)
      temple (>= 0.7.6, < 0.9)
      tilt (>= 2.0.6, < 2.1)
    sprockets (4.0.0)
      concurrent-ruby (~> 1.0)
      rack (> 1, < 3)
    temple (0.8.2)
    thor (0.20.3)
    thread_safe (0.3.6)
    tilt (2.0.10)
    tzinfo (1.2.5)
      thread_safe (~> 0.1)
    uglifier (3.2.0)
      execjs (>= 0.3.0, < 3)
    wkhtmltopdf_binary_provider (0.12.0)

PLATFORMS
  ruby

DEPENDENCIES
  bootstrap-sass
  htmlbeautifier
  jquery-middleman
  middleman (~> 4.2)
  middleman-bootstrap-navbar
  middleman-deploy (~> 2.0.0.pre.alpha)
  middleman-favicon-maker
  middleman-google-analytics (~> 3.0)
  middleman-livereload
  middleman-meta-tags
  middleman-minify-html
  middleman-pdfkit
  middleman-simple-thumbnailer!
  middleman-sitemap!
  middleman-sprockets
  mime-types
  mini_magick
  minitest
  slim

BUNDLED WITH
   1.17.3
